GEM
  remote: https://rubygems.org/
  specs:
    aruba (0.8.0)
      childprocess (~> 0.5.6)
      contracts (~> 0.9)
      cucumber (>= 1.3.19)
      rspec-expectations (>= 2.99)
    builder (3.2.4)
    childprocess (0.5.9)
      ffi (~> 1.0, >= 1.0.11)
    contracts (0.16.0)
    cucumber (2.0.0)
      builder (>= 2.1.2)
      cucumber-core (~> 1.1.3)
      diff-lcs (>= 1.1.3)
      gherkin (~> 2.12)
      multi_json (>= 1.7.5, < 2.0)
      multi_test (>= 0.1.2)
    cucumber-core (1.1.3)
      gherkin (~> 2.12.0)
    diff-lcs (1.4.4)
    ffi (1.9.25)
    gherkin (2.12.2)
      multi_json (~> 1.3)
    multi_json (1.15.0)
    multi_test (0.1.2)
    rspec (3.4.0)
      rspec-core (~> 3.4.0)
      rspec-expectations (~> 3.4.0)
      rspec-mocks (~> 3.4.0)
    rspec-core (3.4.4)
      rspec-support (~> 3.4.0)
    rspec-expectations (3.4.0)
      diff-lcs (>= 1.2.0, < 2.0)
      rspec-support (~> 3.4.0)
    rspec-mocks (3.4.1)
      diff-lcs (>= 1.2.0, < 2.0)
      rspec-support (~> 3.4.0)
    rspec-support (3.4.1)

PLATFORMS
  x86_64-linux

DEPENDENCIES
  aruba (= 0.8.0)
  childprocess (= 0.5.9)
  cucumber (= 2.0.0)
  ffi (= 1.9.25)
  rspec (= 3.4.0)

BUNDLED WITH
   2.2.5
